GIT
  remote: https://github.com/thoughtbot/paperclip.git
  revision: 6661480c5b321709ad44c7ef9572d7f908857a9d
  specs:
    paperclip (6.1.0)
      activemodel (>= 4.2.0)
      activesupport (>= 4.2.0)
      mime-types
      mimemagic (~> 0.3.0)
      terrapin (~> 0.6.0)

GEM
  remote: https://rubygems.org/
  specs:
    actioncable (6.0.0)
      actionpack (= 6.0.0)
      nio4r (~> 2.0)
      websocket-driver (>= 0.6.1)
    actionmailbox (6.0.0)
      actionpack (= 6.0.0)
      activejob (= 6.0.0)
      activerecord (= 6.0.0)
      activestorage (= 6.0.0)
      activesupport (= 6.0.0)
      mail (>= 2.7.1)
    actionmailer (6.0.0)
      actionpack (= 6.0.0)
      actionview (= 6.0.0)
      activejob (= 6.0.0)
      mail (~> 2.5, >= 2.5.4)
      rails-dom-testing (~> 2.0)
    actionpack (6.0.0)
      actionview (= 6.0.0)
      activesupport (= 6.0.0)
      rack (~> 2.0)
      rack-test (>= 0.6.3)
      rails-dom-testing (~> 2.0)
      rails-html-sanitizer (~> 1.0, >= 1.2.0)
    actiontext (6.0.0)
      actionpack (= 6.0.0)
      activerecord (= 6.0.0)
      activestorage (= 6.0.0)
      activesupport (= 6.0.0)
      nokogiri (>= 1.8.5)
    actionview (6.0.0)
      activesupport (= 6.0.0)
      builder (~> 3.1)
      erubi (~> 1.4)
      rails-dom-testing (~> 2.0)
      rails-html-sanitizer (~> 1.1, >= 1.2.0)
    active_admin_datetimepicker (0.7.2)
      activeadmin (>= 1.1, < 3.a)
      coffee-rails
      xdan-datetimepicker-rails (~> 2.5.4)
    active_material (1.4.2)
    activeadmin (2.4.0)
      arbre (~> 1.2, >= 1.2.1)
      formtastic (~> 3.1)
      formtastic_i18n (~> 0.4)
      inherited_resources (~> 1.7)
      jquery-rails (~> 4.2)
      kaminari (~> 1.0, >= 1.0.1)
      railties (>= 5.0, < 6.1)
      ransack (~> 2.1, >= 2.1.1)
      sassc-rails (~> 2.1)
      sprockets (>= 3.0, < 4.1)
      sprockets-es6 (~> 0.9, >= 0.9.2)
    activeadmin_addons (1.7.1)
      active_material
      railties
      require_all (~> 1.5)
      sass
      select2-rails (~> 4.0)
      xdan-datetimepicker-rails (~> 2.5.1)
    activejob (6.0.0)
      activesupport (= 6.0.0)
      globalid (>= 0.3.6)
    activemodel (6.0.0)
      activesupport (= 6.0.0)
    activerecord (6.0.0)
      activemodel (= 6.0.0)
      activesupport (= 6.0.0)
    activestorage (6.0.0)
      actionpack (= 6.0.0)
      activejob (= 6.0.0)
      activerecord (= 6.0.0)
      marcel (~> 0.3.1)
    activesupport (6.0.0)
      concurrent-ruby (~> 1.0, >= 1.0.2)
      i18n (>= 0.7, < 2)
      minitest (~> 5.1)
      tzinfo (~> 1.1)
      zeitwerk (~> 2.1, >= 2.1.8)
    arbre (1.2.1)
      activesupport (>= 3.0.0)
    babel-source (5.8.35)
    babel-transpiler (0.7.0)
      babel-source (>= 4.0, < 6)
      execjs (~> 2.0)
    bcrypt (3.1.13)
    builder (3.2.3)
    capistrano (2.15.9)
      highline
      net-scp (>= 1.0.0)
      net-sftp (>= 2.0.0)
      net-ssh (>= 2.0.14)
      net-ssh-gateway (>= 1.1.0)
    classy_enum (4.0.0)
      activerecord (>= 3.2)
    climate_control (0.2.0)
    coffee-rails (5.0.0)
      coffee-script (>= 2.2.0)
      railties (>= 5.2.0)
    coffee-script (2.4.1)
      coffee-script-source
      execjs
    coffee-script-source (1.12.2)
    concurrent-ruby (1.1.5)
    crass (1.0.4)
    devise (4.7.1)
      bcrypt (~> 3.0)
      orm_adapter (~> 0.1)
      railties (>= 4.1.0)
      responders
      warden (~> 1.2.3)
    erubi (1.9.0)
    execjs (2.7.0)
    ffi (1.11.1)
    formtastic (3.1.5)
      actionpack (>= 3.2.13)
    formtastic_i18n (0.6.0)
    globalid (0.4.2)
      activesupport (>= 4.2.0)
    has_scope (0.7.2)
      actionpack (>= 4.1)
      activesupport (>= 4.1)
    highline (2.0.2)
    i18n (1.7.0)
      concurrent-ruby (~> 1.0)
    inherited_resources (1.11.0)
      actionpack (>= 5.0, < 6.1)
      has_scope (~> 0.6)
      railties (>= 5.0, < 6.1)
      responders (>= 2, < 4)
    jbuilder (2.9.1)
      activesupport (>= 4.2.0)
    jquery-rails (4.3.5)
      rails-dom-testing (>= 1, < 3)
      railties (>= 4.2.0)
      thor (>= 0.14, < 2.0)
    kaminari (1.1.1)
      activesupport (>= 4.1.0)
      kaminari-actionview (= 1.1.1)
      kaminari-activerecord (= 1.1.1)
      kaminari-core (= 1.1.1)
    kaminari-actionview (1.1.1)
      actionview
      kaminari-core (= 1.1.1)
    kaminari-activerecord (1.1.1)
      activerecord
      kaminari-core (= 1.1.1)
    kaminari-core (1.1.1)
    loofah (2.3.0)
      crass (~> 1.0.2)
      nokogiri (>= 1.5.9)
    mail (2.7.1)
      mini_mime (>= 0.1.1)
    marcel (0.3.3)
      mimemagic (~> 0.3.2)
    method_source (0.9.2)
    mime-types (3.3)
      mime-types-data (~> 3.2015)
    mime-types-data (3.2019.1009)
    mimemagic (0.3.3)
    mini_mime (1.0.2)
    mini_portile2 (2.4.0)
    minitest (5.12.2)
    mysql2 (0.5.2)
    net-scp (2.0.0)
      net-ssh (>= 2.6.5, < 6.0.0)
    net-sftp (2.1.2)
      net-ssh (>= 2.6.5)
    net-ssh (5.2.0)
    net-ssh-gateway (2.0.0)
      net-ssh (>= 4.0.0)
    nio4r (2.5.2)
    nokogiri (1.10.4)
      mini_portile2 (~> 2.4.0)
    orm_adapter (0.5.0)
    polyamorous (2.3.0)
      activerecord (>= 5.0)
    rack (2.0.8)
    rack-test (1.1.0)
      rack (>= 1.0, < 3)
    rails (6.0.0)
      actioncable (= 6.0.0)
      actionmailbox (= 6.0.0)
      actionmailer (= 6.0.0)
      actionpack (= 6.0.0)
      actiontext (= 6.0.0)
      actionview (= 6.0.0)
      activejob (= 6.0.0)
      activemodel (= 6.0.0)
      activerecord (= 6.0.0)
      activestorage (= 6.0.0)
      activesupport (= 6.0.0)
      bundler (>= 1.3.0)
      railties (= 6.0.0)
      sprockets-rails (>= 2.0.0)
    rails-dom-testing (2.0.3)
      activesupport (>= 4.2.0)
      nokogiri (>= 1.6)
    rails-html-sanitizer (1.3.0)
      loofah (~> 2.3)
    railties (6.0.0)
      actionpack (= 6.0.0)
      activesupport (= 6.0.0)
      method_source
      rake (>= 0.8.7)
      thor (>= 0.20.3, < 2.0)
    rake (13.0.0)
    ransack (2.3.0)
      actionpack (>= 5.0)
      activerecord (>= 5.0)
      activesupport (>= 5.0)
      i18n
      polyamorous (= 2.3.0)
    rb-fsevent (0.10.3)
    rb-inotify (0.10.0)
      ffi (~> 1.0)
    rdoc (6.2.0)
    require_all (1.5.0)
    responders (3.0.0)
      actionpack (>= 5.0)
      railties (>= 5.0)
    ruby-ole (1.2.12.2)
    rvm-capistrano (1.5.6)
      capistrano (~> 2.15.4)
    sass (3.7.4)
      sass-listen (~> 4.0.0)
    sass-listen (4.0.0)
      rb-fsevent (~> 0.9, >= 0.9.4)
      rb-inotify (~> 0.9, >= 0.9.7)
    sass-rails (6.0.0)
      sassc-rails (~> 2.1, >= 2.1.1)
    sassc (2.2.1)
      ffi (~> 1.9)
    sassc-rails (2.1.2)
      railties (>= 4.0.0)
      sassc (>= 2.0)
      sprockets (> 3.0)
      sprockets-rails
      tilt
    sdoc (1.0.0)
      rdoc (>= 5.0)
    select2-rails (4.0.3)
      thor (~> 0.14)
    spreadsheet (1.2.4)
      ruby-ole (>= 1.0)
    sprockets (4.0.0)
      concurrent-ruby (~> 1.0)
      rack (> 1, < 3)
    sprockets-es6 (0.9.2)
      babel-source (>= 5.8.11)
      babel-transpiler
      sprockets (>= 3.0.0)
    sprockets-rails (3.2.1)
      actionpack (>= 4.0)
      activesupport (>= 4.0)
      sprockets (>= 3.0.0)
    terrapin (0.6.0)
      climate_control (>= 0.0.3, < 1.0)
    thor (0.20.3)
    thread_safe (0.3.6)
    tilt (2.0.10)
    turbolinks (5.2.1)
      turbolinks-source (~> 5.2)
    turbolinks-source (5.2.0)
    tzinfo (1.2.5)
      thread_safe (~> 0.1)
    uglifier (4.2.0)
      execjs (>= 0.3.0, < 3)
    warden (1.2.8)
      rack (>= 2.0.6)
    websocket-driver (0.7.1)
      websocket-extensions (>= 0.1.0)
    websocket-extensions (0.1.4)
    xdan-datetimepicker-rails (2.5.4)
      jquery-rails
      rails (>= 3.2.16)
    zeitwerk (2.2.0)

PLATFORMS
  ruby

DEPENDENCIES
  active_admin_datetimepicker
  activeadmin
  activeadmin_addons
  capistrano
  classy_enum
  coffee-rails
  devise
  jbuilder
  mysql2
  paperclip!
  rails
  rake
  rvm-capistrano
  sass-rails
  sdoc
  spreadsheet
  turbolinks
  uglifier

BUNDLED WITH
   1.17.2
